GEM
  remote: https://rubygems.org/
  specs:
    ansi (1.4.3)
    colorize (0.7.3)
    docile (1.1.3)
    minitest (4.7.5)
    multi_json (1.10.1)
    simplecov (0.8.2)
      docile (~> 1.1.0)
      multi_json
      simplecov-html (~> 0.8.0)
    simplecov-html (0.8.0)
    turn (0.9.7)
      ansi
      minitest (~> 4)

PLATFORMS
  ruby

DEPENDENCIES
  ansi
  colorize
  simplecov
  turn
